GEM
  remote: https://rubygems.org/
  specs:
    rack (2.2.3)
    rulers (0.2.0)
      rack (~> 2.2)

PLATFORMS
  arm64-darwin-21

DEPENDENCIES
  rulers

BUNDLED WITH
   2.2.24
