GEM
  remote: https://rubygems.org/
  specs:
    erubis (2.7.0)
    ffi (1.15.5)
    listen (3.7.1)
      rb-fsevent (~> 0.10, >= 0.10.3)
      rb-inotify (~> 0.9, >= 0.9.10)
    multi_json (1.15.0)
    rack (2.2.3)
    rb-fsevent (0.11.0)
    rb-inotify (0.10.1)
      ffi (~> 1.0)
    rerun (0.13.1)
      listen (~> 3.0)
    rulers (0.5.0)
      erubis (~> 2.7)
      multi_json (~> 1.15)
      rack (~> 2.2)

PLATFORMS
  arm64-darwin-21

DEPENDENCIES
  rerun
  rulers

BUNDLED WITH
   2.2.24
